GIT
  remote: git@github.com:guard/guard
  revision: 2837fbd084b4e8e2127ecea92a50d71fec3e4aa7
  branch: interactor/pry
  specs:
    guard (1.3.2)
      listen (>= 0.4.2)
      pry
      thor (>= 0.14.6)

GIT
  remote: git@github.com:pry/pry
  revision: bc4fb838eb48b5fb7419c5f2320e88ec1101e95c
  branch: master
  specs:
    pry (0.9.10)
      coderay (~> 1.0.5)
      method_source (~> 0.8)
      slop (~> 3.3.1)

GEM
  remote: http://rubygems.org/
  specs:
    awesome_print (1.1.0)
    binding_of_caller (0.6.8)
    bond (0.4.2)
    coderay (1.0.7)
    columnize (0.3.6)
    debugger (1.1.4)
      columnize (>= 0.3.1)
      debugger-linecache (~> 1.1.1)
      debugger-ruby_core_source (~> 1.1.3)
    debugger-linecache (1.1.2)
      debugger-ruby_core_source (>= 1.1.1)
    debugger-ruby_core_source (1.1.3)
    diff-lcs (1.1.3)
    diffy (2.0.8)
    eventmachine (1.0.0)
    git (1.2.5)
    grit (2.5.0)
      diff-lcs (~> 1.1)
      mime-types (~> 1.15)
      posix-spawn (~> 0.3.6)
    highline (1.6.15)
    interception (0.1)
    jeweler (1.8.4)
      bundler (~> 1.0)
      git (>= 1.2.5)
      rake
      rdoc
    jist (1.0.1)
      json
    json (1.7.3)
    listen (0.5.1)
    method_source (0.8)
    mime-types (1.19)
    nokogiri (1.5.5)
    plymouth (0.3.2)
      pry-exception_explorer (>= 0.1.7)
    posix-spawn (0.3.6)
    pry-awesome_print (9.6.5)
      awesome_print (~> 1.1.0)
    pry-debugger (0.2.0)
      debugger (~> 1.1.3)
      pry (~> 0.9.9)
    pry-developer_tools (0.1.1)
      pry (>= 0.9.8.pre, < 0.11)
    pry-doc (0.4.4)
      pry (>= 0.9.9.6)
      yard (~> 0.8.1)
    pry-editline (1.1.1)
    pry-exception_explorer (0.1.9)
      pry-stack_explorer (>= 0.3.9)
    pry-full (0.6)
      bond
      jist
      plymouth
      pry-awesome_print
      pry-debugger
      pry-developer_tools
      pry-doc
      pry-editline
      pry-exception_explorer
      pry-git
      pry-highlight
      pry-pretty-numeric
      pry-remote-em
      pry-rescue
      pry-stack_explorer
      pry-syntax-hacks
      pry-theme
    pry-git (0.2.3)
      diffy
      grit
      pry (>= 0.9.8)
    pry-highlight (0.0.1)
      coderay
      json
      nokogiri
      pry
    pry-pretty-numeric (0.1.1)
      pry
    pry-remote-em (0.7.3)
      eventmachine
      highline
      pry (~> 0.9)
    pry-rescue (0.8)
      interception
      pry
    pry-stack_explorer (0.4.6)
      binding_of_caller (~> 0.6.2)
    pry-syntax-hacks (0.0.6)
      pry (>= 0.9.8)
    pry-theme (0.1.2)
      json
    rake (0.9.2.2)
    rdoc (3.12)
      json (~> 1.4)
    rspec (2.11.0)
      rspec-core (~> 2.11.0)
      rspec-expectations (~> 2.11.0)
      rspec-mocks (~> 2.11.0)
    rspec-core (2.11.1)
    rspec-expectations (2.11.1)
      diff-lcs (~> 1.1.3)
    rspec-mocks (2.11.1)
    slop (3.3.3)
    thor (0.16.0)
    yard (0.8.2.1)

PLATFORMS
  ruby

DEPENDENCIES
  bundler
  guard!
  jeweler
  pry!
  pry-full
  rdoc
  rspec
  yard
