GIT
  remote: git://github.com/pry/pry.git
  revision: 24d9e486d75c3ec9a17e2ef2b1d88c119edf286f
  specs:
    pry (0.9.10)
      coderay (~> 1.0.5)
      method_source (~> 0.8)
      slop (~> 3.3.1)

PATH
  remote: .
  specs:
    pry-de (0.0.3)
      guard
      pry-full

GEM
  remote: http://rubygems.org/
  specs:
    awesome_print (1.1.0)
    binding_of_caller (0.6.8)
    bond (0.4.2)
    coderay (1.0.7)
    columnize (0.3.6)
    debugger (1.1.4)
      columnize (>= 0.3.1)
      debugger-linecache (~> 1.1.1)
      debugger-ruby_core_source (~> 1.1.3)
    debugger-linecache (1.1.2)
      debugger-ruby_core_source (>= 1.1.1)
    debugger-ruby_core_source (1.1.3)
    diff-lcs (1.1.3)
    diffy (2.0.8)
    eventmachine (1.0.0)
    ffi (1.1.5)
    grit (2.5.0)
      diff-lcs (~> 1.1)
      mime-types (~> 1.15)
      posix-spawn (~> 0.3.6)
    guard (1.3.3)
      listen (>= 0.4.2)
      thor (>= 0.14.6)
    guard-minitest (0.5.0)
      guard (>= 0.4)
    highline (1.6.15)
    interception (0.3)
    jist (1.0.1)
      json
    json (1.7.5)
    listen (0.5.2)
    method_source (0.8)
    mime-types (1.19)
    nokogiri (1.5.5)
    plymouth (0.3.2)
      pry-exception_explorer (>= 0.1.7)
    posix-spawn (0.3.6)
    pry-awesome_print (9.6.5)
      awesome_print (~> 1.1.0)
    pry-debugger (0.2.0)
      debugger (~> 1.1.3)
      pry (~> 0.9.9)
    pry-developer_tools (0.1.1)
      pry (>= 0.9.8.pre, < 0.11)
    pry-doc (0.4.4)
      pry (>= 0.9.9.6)
      yard (~> 0.8.1)
    pry-editline (1.1.1)
    pry-exception_explorer (0.1.9)
      pry-stack_explorer (>= 0.3.9)
    pry-full (0.6)
      bond
      jist
      plymouth
      pry-awesome_print
      pry-debugger
      pry-developer_tools
      pry-doc
      pry-editline
      pry-exception_explorer
      pry-git
      pry-highlight
      pry-pretty-numeric
      pry-remote-em
      pry-rescue
      pry-stack_explorer
      pry-syntax-hacks
      pry-theme
    pry-git (0.2.3)
      diffy
      grit
      pry (>= 0.9.8)
    pry-highlight (0.0.1)
      coderay
      json
      nokogiri
      pry
    pry-pretty-numeric (0.1.1)
      pry
    pry-remote-em (0.7.3)
      eventmachine
      highline
      pry (~> 0.9)
    pry-rescue (0.8)
      interception
      pry
    pry-stack_explorer (0.4.6)
      binding_of_caller (~> 0.6.2)
    pry-syntax-hacks (0.0.6)
      pry (>= 0.9.8)
    pry-theme (0.1.3)
      json
    rb-inotify (0.8.8)
      ffi (>= 0.5.0)
    slop (3.3.3)
    thor (0.16.0)
    yard (0.8.2.1)

PLATFORMS
  ruby

DEPENDENCIES
  guard-minitest
  pry!
  pry-de!
  rb-inotify
